GEM
  remote: https://rubygems.org/
  specs:
    autoreload (1.0.0)
    cinch (2.0.3)
    require_all (1.2.1)

PLATFORMS
  ruby

DEPENDENCIES
  autoreload
  cinch
  require_all
